GEM
  remote: https://rubygems.org/
  specs:
    contest (0.1.3)
    json_pure (1.8.3)
    mustermann (1.0.3)
    rack (2.0.8)
    rack-protection (2.0.7)
      rack
    rake (10.4.2)
    redgreen (1.2.2)
    rubyforge (2.0.4)
      json_pure (>= 1.1.7)
    sinatra (2.0.7)
      mustermann (~> 1.0)
      rack (~> 2.0)
      rack-protection (= 2.0.7)
      tilt (~> 2.0)
    sinatra-content-for (0.1)
      contest
      redgreen
      sinatra
      sr-mg
    sr-mg (0.0.5)
      rake
      rubyforge
    tilt (2.0.10)

PLATFORMS
  ruby

DEPENDENCIES
  sinatra
  sinatra-content-for

RUBY VERSION
   ruby 2.6.5p114

BUNDLED WITH
   1.17.2
